PATH
  remote: .
  specs:
    hiera-postgres-backend (0.0.1)
      hiera
      pg

GEM
  remote: https://rubygems.org/
  specs:
    hiera (1.3.0)
      json_pure
    json_pure (1.8.1)
    pg (0.17.1)
    rake (10.1.1)

PLATFORMS
  ruby

DEPENDENCIES
  hiera-postgres-backend!
  rake
